PATH
  remote: .
  specs:
    beer_presenter (0.1.0)

GEM
  remote: https://rubygems.org/
  specs:
    colorize (0.7.7)
    mini_portile2 (2.8.0)
    nokogiri (1.13.9)
      mini_portile2 (~> 2.8.0)
      racc (~> 1.4)
    racc (1.6.0)
    rake (10.5.0)

PLATFORMS
  ruby

DEPENDENCIES
  beer_presenter!
  bundler (~> 2.0)
  colorize (~> 0.7.7)
  nokogiri
  rake (~> 10.0)

BUNDLED WITH
   2.1.4
