PATH
  remote: .
  specs:
    beer_presenter (0.1.0)

GEM
  remote: https://rubygems.org/
  specs:
    colorize (0.7.7)
    mini_portile2 (2.4.0)
    nokogiri (1.10.8)
      mini_portile2 (~> 2.4.0)
    rake (13.0.1)

PLATFORMS
  ruby

DEPENDENCIES
  beer_presenter!
  bundler (~> 2.0)
  colorize (~> 0.7.7)
  nokogiri
  rake (~> 13.0)

BUNDLED WITH
   2.1.4
